GEM
  remote: https://rubygems.org/
  specs:
    haml (4.0.3)
      tilt
    json (1.8.0)
    mime-types (1.25)
    rack (1.5.2)
    rack-protection (1.5.0)
      rack
    rest-client (1.6.7)
      mime-types (>= 1.16)
    shotgun (0.9)
      rack (>= 1.0)
    sinatra (1.4.3)
      rack (~> 1.4)
      rack-protection (~> 1.4)
      tilt (~> 1.3, >= 1.3.4)
    tilt (1.4.1)

PLATFORMS
  ruby

DEPENDENCIES
  haml (~> 4.0.3)
  json (~> 1.8.0)
  rest-client (~> 1.6.7)
  shotgun (~> 0.9)
  sinatra (~> 1.4.3)
